GEM
  remote: http://rubygems.org/
  specs:
    ansi (1.2.5)
    fakeweb (1.3.0)
    mustache (0.99.4)
    nokogiri (1.4.6)
    rake (0.9.2)
    redcarpet (1.17.2)
    rocco (0.8.1)
      mustache
      redcarpet
    rr (1.0.2)
    rubytree (0.8.1)
    turn (0.8.2)
      ansi (>= 1.2.2)

PLATFORMS
  ruby

DEPENDENCIES
  fakeweb
  nokogiri
  rake
  rocco
  rr
  rubytree
  turn
