GEM
  remote: http://rubygems.org/
  specs:
    fakeweb (1.3.0)
    mustache (0.99.4)
    rake (0.9.2)
    redcarpet (1.17.2)
    redgreen (1.2.2)
    rocco (0.8.1)
      mustache
      redcarpet
    rr (1.0.2)
    rubytree (0.8.1)

PLATFORMS
  ruby

DEPENDENCIES
  fakeweb
  rake
  redgreen
  rocco
  rr
  rubytree
